GIT
  remote: git://github.com/guard/listen.git
  revision: a78c86a3ea705577cad6ff6cf5545bc40f96c85d
  specs:
    listen (2.7.4)
      celluloid (>= 0.15.2)
      celluloid-io (>= 0.15.0)
      rb-fsevent (>= 0.9.3)
      rb-inotify (>= 0.9)

GEM
  remote: https://rubygems.org/
  specs:
    aws-sdk (1.40.0)
      json (~> 1.4)
      nokogiri (>= 1.4.4)
    celluloid (0.15.2)
      timers (~> 1.1.0)
    celluloid-io (0.15.0)
      celluloid (>= 0.15.0)
      nio4r (>= 0.5.0)
    clipboard (1.0.5)
    ffi (1.9.3-x86-mingw32)
    filesize (0.0.3)
    json (1.8.1)
    mini_portile (0.5.3)
    nio4r (1.0.0)
    nokogiri (1.6.1-x86-mingw32)
      mini_portile (~> 0.5.0)
    rb-fsevent (0.9.4)
    rb-inotify (0.9.4)
      ffi (>= 0.5.0)
    terminal-notifier (1.6.0)
    thor (0.19.1)
    timers (1.1.0)
    wdm (0.1.0)

PLATFORMS
  x86-mingw32

DEPENDENCIES
  aws-sdk
  clipboard
  filesize
  listen (~> 2.0)!
  rb-fsevent
  rb-inotify
  terminal-notifier
  thor
  wdm (~> 0.1.0)
